GEM
  remote: https://rubygems.org/
  specs:
    bigdecimal (3.2.2)
    csv (3.3.5)
    httparty (0.23.1)
      csv
      mini_mime (>= 1.0.0)
      multi_xml (>= 0.5.2)
    mini_mime (1.1.5)
    multi_xml (0.7.2)
      bigdecimal (~> 3.1)
    sqlite3 (2.7.3-x64-mingw-ucrt)

PLATFORMS
  x64-mingw-ucrt

DEPENDENCIES
  httparty
  sqlite3

BUNDLED WITH
   2.7.1
